GEM
  remote: https://rubygems.org/
  specs:
    geoutm (1.0.2)

PLATFORMS
  ruby

DEPENDENCIES
  geoutm

BUNDLED WITH
   1.13.2
